PATH
  remote: ../ruby-rulers
  specs:
    rulers (0.0.1)
      rack

GEM
  remote: https://rubygems.org/
  specs:
    rack (2.0.1)

PLATFORMS
  ruby

DEPENDENCIES
  rulers!

BUNDLED WITH
   1.13.6
